PATH
  remote: .
  specs:
    memcached (1.8.2)

GEM
  remote: https://rubygems.org/
  specs:
    activesupport (6.0.3.1)
      concurrent-ruby (~> 1.0, >= 1.0.2)
      i18n (>= 0.7, < 2)
      minitest (~> 5.1)
      tzinfo (~> 1.1)
      zeitwerk (~> 2.2, >= 2.2.2)
    allison (2.0.3)
    concurrent-ruby (1.1.6)
    echoe (4.6.6)
      allison (>= 2.0.3)
      rake (>= 0.9.2)
      rdoc (>= 2.5.11)
      rubyforge (>= 2.0.4)
    i18n (1.8.3)
      concurrent-ruby (~> 1.0)
    json_pure (2.3.0)
    minitest (5.14.1)
    mocha (1.11.2)
    rake (13.0.1)
    rdoc (6.2.1)
    rubyforge (2.0.4)
      json_pure (>= 1.1.7)
    thread_safe (0.3.6)
    tzinfo (1.2.7)
      thread_safe (~> 0.1)
    zeitwerk (2.3.0)

PLATFORMS
  ruby

DEPENDENCIES
  activesupport
  echoe (>= 4.6.5)
  memcached!
  mocha
  rake

BUNDLED WITH
   2.1.4
