PATH
  remote: .
  specs:
    memcached (2.0.0.alpha)

GEM
  remote: https://rubygems.org/
  specs:
    activesupport (3.2.6)
      i18n (~> 0.6)
      multi_json (~> 1.0)
    ast (2.4.1)
    dalli (2.7.5)
    i18n (0.6.0)
    memcache-client (1.8.5)
    metaclass (0.0.4)
    minitest (5.3.3)
    mocha (1.0.0)
      metaclass (~> 0.0.1)
    multi_json (1.3.6)
    parallel (1.20.1)
    parser (2.7.2.0)
      ast (~> 2.4.1)
    rainbow (3.0.0)
    rake (0.9.2.2)
    rake-compiler (0.9.5)
      rake
    regexp_parser (2.0.0)
    remix-stash (1.1.3)
    rexml (3.2.4)
    rubocop (1.6.1)
      parallel (~> 1.10)
      parser (>= 2.7.1.5)
      rainbow (>= 2.2.2, < 4.0)
      regexp_parser (>= 1.8, < 3.0)
      rexml
      rubocop-ast (>= 1.2.0, < 2.0)
      ruby-progressbar (~> 1.7)
      unicode-display_width (>= 1.4.0, < 2.0)
    rubocop-ast (1.3.0)
      parser (>= 2.7.1.5)
    rubocop-minitest (0.10.1)
      rubocop (>= 0.87)
    rubocop-rake (0.5.1)
      rubocop
    ruby-progressbar (1.10.1)
    unicode-display_width (1.7.0)

PLATFORMS
  ruby

DEPENDENCIES
  activesupport
  dalli
  memcache-client
  memcached!
  minitest
  mocha
  rake
  rake-compiler
  remix-stash (~> 1.1.3)
  rubocop
  rubocop-minitest
  rubocop-rake

BUNDLED WITH
   2.1.4
